GEM
  remote: http://rubygems.org/
  specs:
    activesupport (3.1.3)
      multi_json (~> 1.0)
    bluepill (0.0.52)
      activesupport (>= 3.0.0)
      daemons (~> 1.1.0)
      i18n (>= 0.5.0)
      state_machine (~> 1.1.0)
    capistrano (2.9.0)
      highline
      net-scp (>= 1.0.0)
      net-sftp (>= 2.0.0)
      net-ssh (>= 2.0.14)
      net-ssh-gateway (>= 1.1.0)
    daemons (1.1.4)
    highline (1.6.8)
    i18n (0.6.0)
    multi_json (1.0.4)
    net-scp (1.0.4)
      net-ssh (>= 1.99.1)
    net-sftp (2.0.5)
      net-ssh (>= 2.0.9)
    net-ssh (2.2.1)
    net-ssh-gateway (1.1.0)
      net-ssh (>= 1.99.1)
    state_machine (1.1.0)

PLATFORMS
  ruby

DEPENDENCIES
  bluepill
  capistrano
